GEM
  remote: https://rubygems.org/
  specs:
    highline (1.7.1)
    httparty (0.13.1)
      json (1.8.2)
      multi_xml (>= 0.5.2)
    i18n (0.7.0)
    json (1.8.2)
    logger (1.2.8)
    mail (2.6.3)
      mime-types (>= 1.16, < 3)
    mime-types (2.4.3)
    multi_xml (0.5.5)

PLATFORMS
  ruby

DEPENDENCIES
  highline (= 1.7.1)
  httparty (= 0.13.1)
  i18n (= 0.7.0)
  json (= 1.8.2)
  logger (= 1.2.8)
mail (= 2.6.3)
